GEM
  remote: http://rubygems.org/
  specs:
    addressable (2.3.4)
    dotenv (0.7.0)
    excon (0.21.0)
    foreman (0.63.0)
      dotenv (>= 0.7)
      thor (>= 0.13.6)
    heroku (2.39.2)
      heroku-api (~> 0.3.7)
      launchy (>= 0.3.2)
      netrc (~> 0.7.7)
      rest-client (~> 1.6.1)
      rubyzip
    heroku-api (0.3.10)
      excon (~> 0.21.0)
    launchy (2.3.0)
      addressable (~> 2.3)
    mime-types (1.23)
    netrc (0.7.7)
    rest-client (1.6.7)
      mime-types (>= 1.16)
    rubyzip (0.9.9)
    thor (0.18.1)

PLATFORMS
  ruby

DEPENDENCIES
  foreman (~> 0.63.0)
  heroku (~> 2.39.2)
